GEM
  remote: http://rubygems.org/
  specs:
    aasm (2.1.5)
    abstract (1.0.0)
    actionmailer (2.3.8)
      actionpack (= 2.3.8)
    actionpack (2.3.8)
      activesupport (= 2.3.8)
      rack (~> 1.1.0)
    activerecord (2.3.8)
      activesupport (= 2.3.8)
    activeresource (2.3.8)
      activesupport (= 2.3.8)
    activesupport (2.3.8)
    ancestry (1.2.0)
      activerecord (>= 2.1.0)
    annotate (2.4.0)
    authlogic (2.1.5)
      activesupport
    builder (2.1.2)
    capybara (0.3.9)
      culerity (>= 0.2.4)
      mime-types (>= 1.16)
      nokogiri (>= 1.3.3)
      rack (>= 1.0.0)
      rack-test (>= 0.5.4)
      selenium-webdriver (>= 0.0.3)
    capybara-envjs (0.1.6)
      capybara (>= 0.3.9)
      envjs (>= 0.3.7)
    childprocess (0.1.8)
      ffi (~> 1.0.6)
    chronic (0.2.3)
      hoe (>= 1.2.1)
    configuration (1.2.0)
    cucumber (0.8.3)
      builder (~> 2.1.2)
      diff-lcs (~> 1.1.2)
      gherkin (~> 2.0.2)
      json_pure (~> 1.4.3)
      term-ansicolor (~> 1.0.4)
    cucumber-rails (0.3.2)
      cucumber (>= 0.8.0)
    culerity (0.2.15)
    daemons (1.1.2)
    database_cleaner (0.5.2)
    delayed_job (2.0.3)
      daemons
    diff-lcs (1.1.2)
    envjs (0.3.8)
      johnson (>= 2.0.0.pre3)
    erubis (2.6.6)
      abstract (>= 1.0.0)
    eventmachine (0.12.10)
    factory_girl (1.2.4)
    fastercsv (1.5.3)
    ffi (1.0.7)
      rake (>= 0.8.7)
    gherkin (2.0.2)
      trollop (~> 1.16.2)
    haml (3.0.13)
    has_scope (0.5.0)
    heroku (1.9.11)
      json_pure (< 1.5.0, >= 1.2.0)
      launchy (~> 0.3.2)
      rest-client (~> 1.4.0)
    hirb (0.3.2)
    hoe (1.5.3)
      rake (>= 0.8.1)
      rubyforge (>= 1.0.0)
    inherited_resources (1.0.6)
      has_scope (~> 0.5.0)
      responders (~> 0.4.6)
    johnson (2.0.0.pre3)
      stackdeck (~> 0.2)
    json_pure (1.4.6)
    launchy (0.3.5)
      configuration (>= 0.0.5)
      rake (>= 0.8.1)
    mime-types (1.16)
    nokogiri (1.4.2)
    pg (0.9.0)
    pickle (0.3.0)
    rack (1.1.0)
    rack-test (0.5.7)
      rack (>= 1.0)
    rails (2.3.8)
      actionmailer (= 2.3.8)
      actionpack (= 2.3.8)
      activerecord (= 2.3.8)
      activeresource (= 2.3.8)
      activesupport (= 2.3.8)
      rake (>= 0.8.3)
    rake (0.8.7)
    responders (0.4.7)
    rest-client (1.4.2)
      mime-types (>= 1.16)
    rspec (1.3.0)
    rspec-rails (1.3.2)
      rack (>= 1.0.0)
      rspec (>= 1.3.0)
    rubyforge (2.0.4)
      json_pure (>= 1.1.7)
    rubyzip (0.9.4)
    selenium-webdriver (0.1.4)
      childprocess (>= 0.1.7)
      ffi (>= 1.0.7)
      json_pure
      rubyzip
    sqlite3-ruby (1.2.5)
    stackdeck (0.2.0)
    syntax (1.0.0)
    term-ansicolor (1.0.5)
    thin (1.2.7)
      daemons (>= 1.0.9)
      eventmachine (>= 0.12.6)
      rack (>= 1.0.0)
    trollop (1.16.2)
    will_paginate (2.3.14)

PLATFORMS
  ruby

DEPENDENCIES
  aasm (= 2.1.5)
  ancestry (= 1.2.0)
  annotate (= 2.4.0)
  authlogic (= 2.1.5)
  capybara (= 0.3.9)
  capybara-envjs (= 0.1.6)
  chronic (= 0.2.3)
  cucumber (= 0.8.3)
  cucumber-rails (= 0.3.2)
  database_cleaner (= 0.5.2)
  delayed_job (= 2.0.3)
  erubis (= 2.6.6)
  factory_girl (= 1.2.4)
  fastercsv (= 1.5.3)
  haml (= 3.0.13)
  heroku (= 1.9.11)
  hirb (= 0.3.2)
  hoe (~> 1.5.1)
  inherited_resources (= 1.0.6)
  launchy (= 0.3.5)
  nokogiri (= 1.4.2)
  pg (= 0.9.0)
  pickle (= 0.3.0)
  rack (= 1.1.0)
  rails (= 2.3.8)
  rspec (= 1.3.0)
  rspec-rails (= 1.3.2)
  sqlite3-ruby (= 1.2.5)
  syntax (= 1.0.0)
  thin (= 1.2.7)
  will_paginate (= 2.3.14)
